GIT
  remote: git@github.com:ooyala/ruby-sdk.git
  revision: 164b85c349cbe3631fefed76a6d572c19d901d02
  specs:
    ooyala-api (0.0.0)
      json
      json
      rake
      rdoc
      rest-client (~> 1.6.6)
      rest-client (~> 1.6.6)

GEM
  remote: http://rubygems.org/
  specs:
    daemons (1.1.8)
    eventmachine (0.12.10)
    json (1.7.3)
    mime-types (1.19)
    rack (1.4.1)
    rack-protection (1.2.0)
      rack
    rake (0.9.2.2)
    rdoc (3.12)
      json (~> 1.4)
    rest-client (1.6.7)
      mime-types (>= 1.16)
    sinatra (1.3.2)
      rack (~> 1.3, >= 1.3.6)
      rack-protection (~> 1.2)
      tilt (~> 1.3, >= 1.3.3)
    thin (1.4.1)
      daemons (>= 1.0.9)
      eventmachine (>= 0.12.6)
      rack (>= 1.0.0)
    tilt (1.3.3)

PLATFORMS
  ruby

DEPENDENCIES
  ooyala-api!
  sinatra
  thin
